GEM
  remote: https://rubygems.org/
  specs:
    delighted (1.8.0)
      multi_json
    figaro (1.1.1)
      thor (~> 0.14)
    multi_json (1.12.1)
    mustermann (1.0.2)
    rack (2.0)
    rack-protection (2.0.1)
      rack
    sinatra (2.0.1)
      mustermann (~> 1.0)
      rack (~> 2.0)
      rack-protection (= 2.0.1)
      tilt (~> 2.0)
    thor (0.20.0)
    tilt (2.0.8)

PLATFORMS
  ruby

DEPENDENCIES
  delighted
  figaro
  sinatra

BUNDLED WITH
   1.15.2
